GIT
  remote: git://github.com/rubypond/twitter-text-rb.git
  revision: 9cc953abb76070cf4a5f5142b63abfa18483feea
  specs:
    twitter-text (1.1)

GEM
  remote: http://rubygems.org/
  specs:
    abstract (1.0.0)
    actionmailer (3.0.0)
      actionpack (= 3.0.0)
      mail (~> 2.2.5)
    actionpack (3.0.0)
      activemodel (= 3.0.0)
      activesupport (= 3.0.0)
      builder (~> 2.1.2)
      erubis (~> 2.6.6)
      i18n (~> 0.4.1)
      rack (~> 1.2.1)
      rack-mount (~> 0.6.12)
      rack-test (~> 0.5.4)
      tzinfo (~> 0.3.23)
    activemodel (3.0.0)
      activesupport (= 3.0.0)
      builder (~> 2.1.2)
      i18n (~> 0.4.1)
    activerecord (3.0.0)
      activemodel (= 3.0.0)
      activesupport (= 3.0.0)
      arel (~> 1.0.0)
      tzinfo (~> 0.3.23)
    activeresource (3.0.0)
      activemodel (= 3.0.0)
      activesupport (= 3.0.0)
    activesupport (3.0.0)
    arel (1.0.1)
      activesupport (~> 3.0.0)
    builder (2.1.2)
    crack (0.1.8)
    daemons (1.1.0)
    delayed_job (2.1.0.pre2)
      activesupport (~> 3.0)
      daemons
    erubis (2.6.6)
      abstract (>= 1.0.0)
    fastercsv (1.5.3)
    google4r (0.0.1)
      json (>= 0.4.3)
      money (>= 1.7.1)
    google4r-checkout (1.0.6.1)
      money (>= 1.7.1)
    haml (3.0.3)
    hashie (0.4.0)
    httparty (0.6.1)
      crack (= 0.1.8)
    i18n (0.4.1)
    json (1.4.6)
    mail (2.2.7)
      activesupport (>= 2.3.6)
      mime-types
      treetop (>= 1.4.5)
    memcache-client (1.8.5)
    mime-types (1.16)
    money (3.0.5)
    multi_json (0.0.4)
    newrelic_rpm (2.13.2)
    oauth (0.4.3)
    polyglot (0.3.1)
    rack (1.2.1)
    rack-mount (0.6.13)
      rack (>= 1.0.0)
    rack-test (0.5.6)
      rack (>= 1.0)
    rails (3.0.0)
      actionmailer (= 3.0.0)
      actionpack (= 3.0.0)
      activerecord (= 3.0.0)
      activeresource (= 3.0.0)
      activesupport (= 3.0.0)
      bundler (~> 1.0.0)
      railties (= 3.0.0)
    railties (3.0.0)
      actionpack (= 3.0.0)
      activesupport (= 3.0.0)
      rake (>= 0.8.4)
      thor (~> 0.14.0)
    rake (0.8.7)
    ruby-mysql (2.9.3)
    rufus-scheduler (2.0.6)
    sqlite3-ruby (1.3.1)
    thor (0.14.3)
    treetop (1.4.8)
      polyglot (>= 0.3.1)
    twitter (0.9.12)
      hashie (~> 0.4.0)
      httparty (~> 0.6.1)
      multi_json (~> 0.0.4)
      oauth (~> 0.4.3)
    tzinfo (0.3.23)
    will_paginate (2.3.15)

PLATFORMS
  ruby

DEPENDENCIES
  builder
  delayed_job (>= 2.1.0.pre)
  fastercsv
  google4r
  google4r-checkout
  haml (= 3.0.3)
  memcache-client
  money (= 3.0.5)
  newrelic_rpm
  rails (= 3.0.0)
  ruby-mysql
  rufus-scheduler
  sqlite3-ruby
  twitter (>= 0.9.12)
  twitter-text (= 1.1)!
  will_paginate
